PATH
  remote: .
  specs:
    rake-n-bake (1.0.2)
      rake (~> 10)
      term-ansicolor (~> 1.3)

GEM
  remote: https://rubygems.org/
  specs:
    bundler-audit (0.3.1)
      bundler (~> 1.2)
      thor (~> 0.18)
    diff-lcs (1.2.5)
    docile (1.1.5)
    multi_json (1.10.1)
    rake (10.3.2)
    rspec (3.0.0)
      rspec-core (~> 3.0.0)
      rspec-expectations (~> 3.0.0)
      rspec-mocks (~> 3.0.0)
    rspec-core (3.0.3)
      rspec-support (~> 3.0.0)
    rspec-expectations (3.0.3)
      diff-lcs (>= 1.2.0, < 2.0)
      rspec-support (~> 3.0.0)
    rspec-mocks (3.0.3)
      rspec-support (~> 3.0.0)
    rspec-support (3.0.3)
    semver2 (3.4.0)
    simplecov (0.9.0)
      docile (~> 1.1.0)
      multi_json
      simplecov-html (~> 0.8.0)
    simplecov-html (0.8.0)
    term-ansicolor (1.3.0)
      tins (~> 1.0)
    thor (0.19.1)
    timecop (0.7.1)
    tins (1.3.2)

PLATFORMS
  ruby

DEPENDENCIES
  bundler-audit
  rake
  rake-n-bake!
  rspec
  semver2
  simplecov
  term-ansicolor (~> 1.3)
  timecop
